GEM
  remote: https://rubygems.org/
  specs:
    mini_exiftool (2.11.0)
    multi_exiftool (0.18.1)

PLATFORMS
  ruby

DEPENDENCIES
  mini_exiftool
  multi_exiftool

BUNDLED WITH
   2.1.4
